GEM
  remote: http://rubygems.org/
  specs:
    haml (3.1.1)
    holiday_jp (0.2.1)
    rack (1.2.2)
    rack-flash (0.1.1)
      rack
    rack-test (0.6.0)
      rack (>= 1.0)
    shoulda (2.11.3)
    sinatra (1.2.6)
      rack (~> 1.1)
      tilt (>= 1.2.2, < 2.0)
    tilt (1.3)

PLATFORMS
  ruby

DEPENDENCIES
  haml
  holiday_jp (= 0.2.1)
  rack-flash
  rack-test
  shoulda
  sinatra
