GEM
  remote: https://rubygems.org/
  specs:
    activesupport (5.1.3)
      concurrent-ruby (~> 1.0, >= 1.0.2)
      i18n (~> 0.7)
      minitest (~> 5.1)
      tzinfo (~> 1.1)
    autoprefixer-rails (7.1.2.3)
      execjs
    coffee-script (2.4.1)
      coffee-script-source
      execjs
    coffee-script-source (1.12.2)
    concurrent-ruby (1.0.5)
    execjs (2.7.0)
    ffi (1.9.18)
    haml (5.0.2)
      temple (>= 0.8.0)
      tilt
    holiday_jp (0.5.1)
    i18n (0.8.6)
    minitest (5.10.3)
    oulu (0.12.42)
      rake
      thor (~> 0.19)
    rack (1.6.8)
    rack-flash (0.1.2)
      rack
    rack-protection (1.5.3)
      rack
    rack-test (0.7.0)
      rack (>= 1.0, < 3)
    rake (11.3.0)
    rb-fsevent (0.10.2)
    rb-inotify (0.9.10)
      ffi (>= 0.5.0, < 2)
    sass (3.5.1)
      sass-listen (~> 4.0.0)
    sass-listen (4.0.0)
      rb-fsevent (~> 0.9, >= 0.9.4)
      rb-inotify (~> 0.9, >= 0.9.7)
    sassc (1.11.4)
      bundler
      ffi (~> 1.9.6)
      sass (>= 3.3.0)
    shoulda (3.5.0)
      shoulda-context (~> 1.0, >= 1.0.1)
      shoulda-matchers (>= 1.4.1, < 3.0)
    shoulda-context (1.2.2)
    shoulda-matchers (2.8.0)
      activesupport (>= 3.0.0)
    sinatra (1.4.8)
      rack (~> 1.5)
      rack-protection (~> 1.4)
      tilt (>= 1.3, < 3)
    sinatra-asset-pipeline (1.0.2)
      coffee-script (~> 2.4)
      rake (~> 11.2)
      sass (~> 3.4)
      sinatra (~> 1.4)
      sprockets (~> 3.6)
      sprockets-helpers (~> 1.1)
    sprockets (3.7.1)
      concurrent-ruby (~> 1.0)
      rack (> 1, < 3)
    sprockets-helpers (1.2.1)
      sprockets (>= 2.2)
    temple (0.8.0)
    thor (0.19.4)
    thread_safe (0.3.6)
    tilt (2.0.8)
    tzinfo (1.2.3)
      thread_safe (~> 0.1)
    uglifier (3.2.0)
      execjs (>= 0.3.0, < 3)

PLATFORMS
  ruby

DEPENDENCIES
  autoprefixer-rails
  haml
  holiday_jp
  oulu
  rack-flash
  rack-test
  sass
  sassc
  shoulda
  sinatra
  sinatra-asset-pipeline
  sprockets-helpers
  uglifier

RUBY VERSION
   ruby 2.4.1p111

BUNDLED WITH
   1.15.3
